PATH
  remote: .
  specs:
    vsware (0.1.0)
      excon (>= 0.45)

GEM
  remote: https://rubygems.org/
  specs:
    excon (0.71.0)
    minitest (5.13.0)
    rake (10.5.0)

PLATFORMS
  ruby

DEPENDENCIES
  bundler (~> 1.17)
  minitest (~> 5.0)
  rake (~> 10.0)
  vsware!

BUNDLED WITH
   1.17.2
